PATH
  remote: .
  specs:
    jekyll (1.0.3)
      classifier (~> 1.3)
      colorator (~> 0.1)
      commander (~> 4.1.3)
      directory_watcher (~> 1.4.1)
      kramdown (~> 1.0.2)
      liquid (~> 2.3)
      maruku (~> 0.5)
      pygments.rb (~> 0.5.0)
      safe_yaml (~> 0.7.0)

GEM
  remote: https://rubygems.org/
  specs:
    RedCloth (4.2.9)
    activesupport (3.2.13)
      i18n (= 0.6.1)
      multi_json (~> 1.0)
    addressable (2.3.4)
    bourne (1.1.2)
      mocha (= 0.10.5)
    builder (3.2.2)
    classifier (1.3.3)
      fast-stemmer (>= 1.0.0)
    colorator (0.1)
    commander (4.1.3)
      highline (~> 1.6.11)
    cucumber (1.2.5)
      builder (>= 2.1.2)
      diff-lcs (>= 1.1.3)
      gherkin (~> 2.11.7)
      multi_json (~> 1.3)
    diff-lcs (1.2.4)
    directory_watcher (1.4.1)
    fast-stemmer (1.0.2)
    gherkin (2.11.8)
      multi_json (~> 1.3)
    highline (1.6.19)
    i18n (0.6.1)
    json (1.8.0)
    kramdown (1.0.2)
    launchy (2.1.2)
      addressable (~> 2.3)
    liquid (2.5.0)
    maruku (0.6.1)
      syntax (>= 1.0.0)
    metaclass (0.0.1)
    mocha (0.10.5)
      metaclass (~> 0.0.1)
    multi_json (1.7.7)
    posix-spawn (0.3.6)
    pygments.rb (0.5.0)
      posix-spawn (~> 0.3.6)
      yajl-ruby (~> 1.1.0)
    rake (10.0.4)
    rdiscount (1.6.8)
    rdoc (3.12.2)
      json (~> 1.4)
    redcarpet (2.2.2)
    redgreen (1.2.2)
    rr (1.0.5)
    safe_yaml (0.7.1)
    shoulda (3.3.2)
      shoulda-context (~> 1.0.1)
      shoulda-matchers (~> 1.4.1)
    shoulda-context (1.0.2)
    shoulda-matchers (1.4.2)
      activesupport (>= 3.0.0)
      bourne (~> 1.1.2)
    simplecov (0.7.1)
      multi_json (~> 1.0)
      simplecov-html (~> 0.7.1)
    simplecov-gem-adapter (1.0.1)
      simplecov
    simplecov-html (0.7.1)
    syntax (1.0.0)
    yajl-ruby (1.1.0)

PLATFORMS
  ruby

DEPENDENCIES
  RedCloth (~> 4.2)
  cucumber (~> 1.2.1, != 1.2.4)
  jekyll!
  launchy (~> 2.1.2)
  rake (~> 10.0.3)
  rdiscount (~> 1.6)
  rdoc (~> 3.11)
  redcarpet (~> 2.2.2)
  redgreen (~> 1.2)
  rr (~> 1.0.0)
  shoulda (~> 3.3.2)
  simplecov (~> 0.7)
  simplecov-gem-adapter (~> 1.0.1)
